GIT
  remote: https://github.com/rspec/rspec-core.git
  revision: bfd13aa29471713154c969931a85c8695fef3a8c
  branch: main
  specs:
    rspec-core (3.12.0.pre)
      rspec-support (= 3.12.0.pre)

GIT
  remote: https://github.com/rspec/rspec-expectations.git
  revision: 9efe040e8e9002f88452e27e2e217fa776c96a17
  branch: main
  specs:
    rspec-expectations (3.12.0.pre)
      diff-lcs (>= 1.2.0, < 2.0)
      rspec-support (= 3.12.0.pre)

GIT
  remote: https://github.com/rspec/rspec-mocks.git
  revision: 7823b0b542456cfd6193293e3f19e01b7eb934ee
  branch: main
  specs:
    rspec-mocks (3.12.0.pre)
      diff-lcs (>= 1.2.0, < 2.0)
      rspec-support (= 3.12.0.pre)

GIT
  remote: https://github.com/rspec/rspec-rails.git
  revision: b4f58f44170526edd1f3d25bbb918e2fcdaae7a8
  branch: main
  specs:
    rspec-rails (6.0.0.pre)
      actionpack (>= 5.2)
      activesupport (>= 5.2)
      railties (>= 5.2)
      rspec-core (= 3.12.0.pre)
      rspec-expectations (= 3.12.0.pre)
      rspec-mocks (= 3.12.0.pre)
      rspec-support (= 3.12.0.pre)

GIT
  remote: https://github.com/rspec/rspec-support.git
  revision: b276ec51e2e13cd0772fabf91c3cb18466473928
  branch: main
  specs:
    rspec-support (3.12.0.pre)

GEM
  remote: https://rubygems.org/
  specs:
    actioncable (7.0.2.2)
      actionpack (= 7.0.2.2)
      activesupport (= 7.0.2.2)
      nio4r (~> 2.0)
      websocket-driver (>= 0.6.1)
    actionmailbox (7.0.2.2)
      actionpack (= 7.0.2.2)
      activejob (= 7.0.2.2)
      activerecord (= 7.0.2.2)
      activestorage (= 7.0.2.2)
      activesupport (= 7.0.2.2)
      mail (>= 2.7.1)
      net-imap
      net-pop
      net-smtp
    actionmailer (7.0.2.2)
      actionpack (= 7.0.2.2)
      actionview (= 7.0.2.2)
      activejob (= 7.0.2.2)
      activesupport (= 7.0.2.2)
      mail (~> 2.5, >= 2.5.4)
      net-imap
      net-pop
      net-smtp
      rails-dom-testing (~> 2.0)
    actionpack (7.0.2.2)
      actionview (= 7.0.2.2)
      activesupport (= 7.0.2.2)
      rack (~> 2.0, >= 2.2.0)
      rack-test (>= 0.6.3)
      rails-dom-testing (~> 2.0)
      rails-html-sanitizer (~> 1.0, >= 1.2.0)
    actiontext (7.0.2.2)
      actionpack (= 7.0.2.2)
      activerecord (= 7.0.2.2)
      activestorage (= 7.0.2.2)
      activesupport (= 7.0.2.2)
      globalid (>= 0.6.0)
      nokogiri (>= 1.8.5)
    actionview (7.0.2.2)
      activesupport (= 7.0.2.2)
      builder (~> 3.1)
      erubi (~> 1.4)
      rails-dom-testing (~> 2.0)
      rails-html-sanitizer (~> 1.1, >= 1.2.0)
    activejob (7.0.2.2)
      activesupport (= 7.0.2.2)
      globalid (>= 0.3.6)
    activemodel (7.0.2.2)
      activesupport (= 7.0.2.2)
    activerecord (7.0.2.2)
      activemodel (= 7.0.2.2)
      activesupport (= 7.0.2.2)
    activestorage (7.0.2.2)
      actionpack (= 7.0.2.2)
      activejob (= 7.0.2.2)
      activerecord (= 7.0.2.2)
      activesupport (= 7.0.2.2)
      marcel (~> 1.0)
      mini_mime (>= 1.1.0)
    activesupport (7.0.2.2)
      concurrent-ruby (~> 1.0, >= 1.0.2)
      i18n (>= 1.6, < 2)
      minitest (>= 5.1)
      tzinfo (~> 2.0)
    bcrypt (3.1.16)
    bootsnap (1.10.3)
      msgpack (~> 1.2)
    builder (3.2.4)
    coderay (1.1.3)
    concurrent-ruby (1.1.9)
    crass (1.0.6)
    diff-lcs (1.5.0)
    digest (3.1.0)
    erubi (1.10.0)
    globalid (1.0.0)
      activesupport (>= 5.0)
    i18n (1.10.0)
      concurrent-ruby (~> 1.0)
    io-wait (0.2.1)
    jwt (2.3.0)
    loofah (2.14.0)
      crass (~> 1.0.2)
      nokogiri (>= 1.5.9)
    mail (2.7.1)
      mini_mime (>= 0.1.1)
    marcel (1.0.2)
    method_source (1.0.0)
    mini_mime (1.1.2)
    minitest (5.15.0)
    msgpack (1.4.5)
    net-imap (0.2.3)
      digest
      net-protocol
      strscan
    net-pop (0.1.1)
      digest
      net-protocol
      timeout
    net-protocol (0.1.2)
      io-wait
      timeout
    net-smtp (0.3.1)
      digest
      net-protocol
      timeout
    nio4r (2.5.8)
    nokogiri (1.13.3-x86_64-linux)
      racc (~> 1.4)
    pry (0.13.1)
      coderay (~> 1.1)
      method_source (~> 1.0)
    puma (5.6.2)
      nio4r (~> 2.0)
    racc (1.6.0)
    rack (2.2.3)
    rack-test (1.1.0)
      rack (>= 1.0, < 3)
    rails (7.0.2.2)
      actioncable (= 7.0.2.2)
      actionmailbox (= 7.0.2.2)
      actionmailer (= 7.0.2.2)
      actionpack (= 7.0.2.2)
      actiontext (= 7.0.2.2)
      actionview (= 7.0.2.2)
      activejob (= 7.0.2.2)
      activemodel (= 7.0.2.2)
      activerecord (= 7.0.2.2)
      activestorage (= 7.0.2.2)
      activesupport (= 7.0.2.2)
      bundler (>= 1.15.0)
      railties (= 7.0.2.2)
    rails-dom-testing (2.0.3)
      activesupport (>= 4.2.0)
      nokogiri (>= 1.6)
    rails-html-sanitizer (1.4.2)
      loofah (~> 2.3)
    railties (7.0.2.2)
      actionpack (= 7.0.2.2)
      activesupport (= 7.0.2.2)
      method_source
      rake (>= 12.2)
      thor (~> 1.0)
      zeitwerk (~> 2.5)
    rake (13.0.6)
    sqlite3 (1.4.2)
    strscan (3.0.1)
    thor (1.2.1)
    timeout (0.2.0)
    tzinfo (2.0.4)
      concurrent-ruby (~> 1.0)
    websocket-driver (0.7.5)
      websocket-extensions (>= 0.1.0)
    websocket-extensions (0.1.5)
    zeitwerk (2.5.4)

PLATFORMS
  x86_64-linux

DEPENDENCIES
  bcrypt (~> 3.1.7)
  bootsnap
  jwt
  pry (~> 0.13.1)
  puma (~> 5.0)
  rails
  rspec-core!
  rspec-expectations!
  rspec-mocks!
  rspec-rails!
  rspec-support!
  sqlite3
  tzinfo-data

RUBY VERSION
   ruby 3.0.3p157

BUNDLED WITH
   2.2.32
